GEM
  remote: https://rubygems.org/
  specs:
    faraday (1.4.1)
      faraday-excon (~> 1.1)
      faraday-net_http (~> 1.0)
      faraday-net_http_persistent (~> 1.1)
      multipart-post (>= 1.2, < 3)
      ruby2_keywords (>= 0.0.4)
    faraday-excon (1.1.0)
    faraday-net_http (1.0.1)
    faraday-net_http_persistent (1.1.0)
    hashie (4.1.0)
    inflection (1.0.0)
    mini_mime (1.1.0)
    multipart-post (2.1.1)
    ruby2_keywords (0.0.4)
    terminal-table (3.0.0)
      unicode-display_width (~> 1.1, >= 1.1.1)
    unicode-display_width (1.7.0)
    zendesk_api (1.29.0)
      faraday (>= 0.9.0, < 2.0.0)
      hashie (>= 3.5.2, < 5.0.0)
      inflection
      mini_mime
      multipart-post (~> 2.0)

PLATFORMS
  x86_64-linux

DEPENDENCIES
  terminal-table (~> 3.0)
  zendesk_api

BUNDLED WITH
   2.2.15
